GEM
  remote: http://www.rubygems.org/
  specs:
    color (1.5.1)
    fastercsv (1.5.5)
    pdf-writer (1.1.8)
      color (>= 1.4.0)
      transaction-simple (~> 1.3)
    ruport (1.6.3)
      fastercsv
      pdf-writer (= 1.1.8)
    transaction-simple (1.4.0.2)

PLATFORMS
  ruby

DEPENDENCIES
  ruport
